GEM
  remote: https://rubygems.org/
  specs:
    ruby_wasm (2.7.1)
    ruby_wasm (2.7.1-arm64-darwin)

PLATFORMS
  arm64-darwin-23
  ruby

DEPENDENCIES
  ruby_wasm (~> 2.7)

BUNDLED WITH
   2.5.22
