GEM
  remote: https://rubygems.org/
  specs:
    js (2.7.1)
    markly (0.12.1)
    ruby_wasm (2.7.1)
    ruby_wasm (2.7.1-arm64-darwin)

PLATFORMS
  arm64-darwin-23
  ruby

DEPENDENCIES
  js
  markly (~> 0.12.1)
  ruby_wasm (~> 2.7)

BUNDLED WITH
   2.5.22
